GEM
  remote: https://rubygems.org/
  specs:
    active_support (3.0.0)
      activesupport (= 3.0.0)
    activesupport (3.0.0)
    backup (3.3.1)
      open4 (~> 1.3.0)
      thor (>= 0.15.4, < 2)
    constellation (0.1.1)
      multi_json
    i18n (0.6.4)
    mail (2.5.3)
      i18n (>= 0.4.0)
      mime-types (~> 1.16)
      treetop (~> 1.4.8)
    mime-types (1.22)
    multi_json (1.7.2)
    open4 (1.3.0)
    polyglot (0.3.3)
    right_aws (3.0.5)
      right_http_connection (>= 1.2.5)
    right_http_connection (1.3.0)
    thor (0.18.1)
    treetop (1.4.12)
      polyglot
      polyglot (>= 0.3.1)

PLATFORMS
  ruby

DEPENDENCIES
  active_support (= 3.0.0)
  backup (= 3.3.1)
  constellation (= 0.1.1)
  mail
  right_aws (= 3.0.5)
