GEM
  remote: https://rubygems.org/
  specs:
    active_support (3.0.0)
      activesupport (= 3.0.0)
    activesupport (3.0.0)
    aws (2.9.1)
      http_connection
      uuidtools
      xml-simple
    backup (3.3.1)
      open4 (~> 1.3.0)
      thor (>= 0.15.4, < 2)
    builder (3.2.0)
    chronic (0.10.2)
    constellation (0.1.1)
      multi_json
    diff-lcs (1.2.5)
    excon (0.17.0)
    fog (1.9.0)
      builder
      excon (~> 0.14)
      formatador (~> 0.2.0)
      mime-types
      multi_json (~> 1.0)
      net-scp (~> 1.0.4)
      net-ssh (>= 2.1.3)
      nokogiri (~> 1.5.0)
      ruby-hmac
    formatador (0.2.4)
    http_connection (1.4.4)
    i18n (0.6.4)
    mail (2.5.3)
      i18n (>= 0.4.0)
      mime-types (~> 1.16)
      treetop (~> 1.4.8)
    mime-types (1.22)
    multi_json (1.7.2)
    net-scp (1.0.4)
      net-ssh (>= 1.99.1)
    net-ssh (2.5.2)
    nokogiri (1.5.9)
    open4 (1.3.0)
    polyglot (0.3.3)
    rspec (2.14.1)
      rspec-core (~> 2.14.0)
      rspec-expectations (~> 2.14.0)
      rspec-mocks (~> 2.14.0)
    rspec-core (2.14.7)
    rspec-expectations (2.14.4)
      diff-lcs (>= 1.1.3, < 2.0)
    rspec-mocks (2.14.4)
    ruby-hmac (0.4.0)
    thor (0.18.1)
    treetop (1.4.12)
      polyglot
      polyglot (>= 0.3.1)
    uuidtools (2.1.4)
    whenever (0.9.0)
      activesupport (>= 2.3.4)
      chronic (>= 0.6.3)
    xml-simple (1.1.3)

PLATFORMS
  ruby

DEPENDENCIES
  active_support (= 3.0.0)
  aws
  backup (= 3.3.1)
  constellation (= 0.1.1)
  excon (= 0.17.0)
  fog (= 1.9.0)
  mail
  net-ssh (= 2.5.2)
  nokogiri (= 1.5.9)
  rspec
  whenever
